PATH
  remote: .
  specs:
    Gibberish Detector (0.0.1)

GEM
  remote: https://rubygems.org/
  specs:

PLATFORMS
  ruby

DEPENDENCIES
  Gibberish Detector!
